GEM
  remote: https://rubygems.org/
  specs:
    dotenv (3.1.4)
    logger (1.6.1)
    mqtt (0.6.0)
    ostruct (0.6.0)

PLATFORMS
  ruby
  x86_64-linux-musl

DEPENDENCIES
  dotenv
  logger
  mqtt
  ostruct

BUNDLED WITH
   2.5.16
